GIT
  remote: git://github.com/Roman2K/values_server.git
  revision: 59aa511f6f42eb598d184659bc6ecdfd6cd60012
  specs:
    values_server (0.59aa511f6f42eb598d184659bc6ecdfd6cd60012)

GEM
  remote: https://rubygems.org/
  specs:

PLATFORMS
  ruby

DEPENDENCIES
  values_server!
