GIT
  remote: /Users/roman/code/values_server
  revision: 78e21adc2dc3689c0cd0a91d30ba7e60a4707330
  specs:
    values_server (0.78e21adc2dc3689c0cd0a91d30ba7e60a4707330)

GEM
  remote: https://rubygems.org/
  specs:

PLATFORMS
  ruby

DEPENDENCIES
  values_server!
