GIT
  remote: git://github.com/Roman2K/values_server.git
  revision: 804ef80712e7522a44e0038fe373908d5ed7de99
  specs:
    values_server (0.804ef80712e7522a44e0038fe373908d5ed7de99)

GEM
  remote: https://rubygems.org/
  specs:

PLATFORMS
  ruby

DEPENDENCIES
  values_server!
